GEM
  remote: https://rubygems.org/
  specs:
    ruby_coincheck_client (0.1.4)
    zaif (0.0.2)

PLATFORMS
  x64-mingw32

DEPENDENCIES
  ruby_coincheck_client
  zaif

BUNDLED WITH
   1.13.1
