GEM
  remote: https://rubygems.org/
  specs:
    zaif (0.0.2)

PLATFORMS
  x64-mingw32

DEPENDENCIES
  zaif

BUNDLED WITH
   1.13.1
